GIT
  remote: https://github.com/hashicorp/vagrant.git
  revision: 52857ccac9d315a6e1897c7885f463983ac67957
  tag: v2.2.18
  specs:
    vagrant (2.2.18)
      bcrypt_pbkdf (~> 1.1)
      childprocess (~> 4.1.0)
      ed25519 (~> 1.2.4)
      erubi
      hashicorp-checkpoint (~> 0.1.5)
      i18n (~> 1.8)
      listen (~> 3.5)
      log4r (~> 1.1.9, < 1.1.11)
      mime-types (~> 3.3)
      net-scp (~> 3.0.0)
      net-sftp (~> 3.0)
      net-ssh (>= 6.1.0, < 6.2)
      rb-kqueue (~> 0.2.0)
      rexml (~> 3.2)
      rubyzip (~> 2.0)
      vagrant_cloud (~> 3.0.5)
      wdm (~> 0.1.0)
      winrm (>= 2.3.4, < 3.0)
      winrm-elevated (>= 1.2.1, < 2.0)
      winrm-fs (>= 1.3.4, < 2.0)

PATH
  remote: .
  specs:
    vagrant-k3s (0.1.2)

GEM
  remote: https://rubygems.org/
  specs:
    bcrypt_pbkdf (1.1.0)
    builder (3.2.4)
    childprocess (4.1.0)
    concurrent-ruby (1.1.9)
    diff-lcs (1.4.4)
    dotenv (0.11.1)
      dotenv-deployment (~> 0.0.2)
    dotenv-deployment (0.0.2)
    ed25519 (1.2.4)
    erubi (1.10.0)
    excon (0.87.0)
    faraday (1.8.0)
      faraday-em_http (~> 1.0)
      faraday-em_synchrony (~> 1.0)
      faraday-excon (~> 1.1)
      faraday-httpclient (~> 1.0.1)
      faraday-net_http (~> 1.0)
      faraday-net_http_persistent (~> 1.1)
      faraday-patron (~> 1.0)
      faraday-rack (~> 1.0)
      multipart-post (>= 1.2, < 3)
      ruby2_keywords (>= 0.0.4)
    faraday-em_http (1.0.0)
    faraday-em_synchrony (1.0.0)
    faraday-excon (1.1.0)
    faraday-httpclient (1.0.1)
    faraday-net_http (1.0.1)
    faraday-net_http_persistent (1.2.0)
    faraday-patron (1.0.0)
    faraday-rack (1.0.0)
    ffi (1.15.4)
    fog-aws (3.12.0)
      fog-core (~> 2.1)
      fog-json (~> 1.1)
      fog-xml (~> 0.1)
      ipaddress (~> 0.8)
    fog-core (2.2.4)
      builder
      excon (~> 0.71)
      formatador (~> 0.2)
      mime-types
    fog-json (1.2.0)
      fog-core
      multi_json (~> 1.10)
    fog-libvirt (0.9.0)
      fog-core (>= 1.27.4)
      fog-json
      fog-xml (~> 0.1.1)
      json
      ruby-libvirt (>= 0.7.0)
    fog-xml (0.1.4)
      fog-core
      nokogiri (>= 1.5.11, < 2.0.0)
    formatador (0.3.0)
    gssapi (1.3.1)
      ffi (>= 1.0.1)
    gyoku (1.3.1)
      builder (>= 2.1.2)
    hashicorp-checkpoint (0.1.5)
    httpclient (2.8.3)
    i18n (1.8.10)
      concurrent-ruby (~> 1.0)
    iniparse (1.5.0)
    ipaddress (0.8.3)
    json (2.6.1)
    listen (3.7.0)
      rb-fsevent (~> 0.10, >= 0.10.3)
      rb-inotify (~> 0.9, >= 0.9.10)
    little-plugger (1.1.4)
    log4r (1.1.10)
    logging (2.3.0)
      little-plugger (~> 1.1)
      multi_json (~> 1.14)
    mime-types (3.3.1)
      mime-types-data (~> 3.2015)
    mime-types-data (3.2021.0901)
    multi_json (1.15.0)
    multipart-post (2.1.1)
    net-scp (3.0.0)
      net-ssh (>= 2.6.5, < 7.0.0)
    net-sftp (3.0.0)
      net-ssh (>= 5.0.0, < 7.0.0)
    net-ssh (6.1.0)
    nokogiri (1.12.5-x86_64-linux)
      racc (~> 1.4)
    nori (2.6.0)
    racc (1.6.0)
    rake (13.0.6)
    rb-fsevent (0.11.0)
    rb-inotify (0.10.1)
      ffi (~> 1.0)
    rb-kqueue (0.2.7)
      ffi (>= 0.5.0)
    rexml (3.2.5)
    rspec (3.10.0)
      rspec-core (~> 3.10.0)
      rspec-expectations (~> 3.10.0)
      rspec-mocks (~> 3.10.0)
    rspec-core (3.10.1)
      rspec-support (~> 3.10.0)
    rspec-expectations (3.10.1)
      diff-lcs (>= 1.2.0, < 2.0)
      rspec-support (~> 3.10.0)
    rspec-mocks (3.10.2)
      diff-lcs (>= 1.2.0, < 2.0)
      rspec-support (~> 3.10.0)
    rspec-support (3.10.2)
    ruby-libvirt (0.7.1)
    ruby2_keywords (0.0.5)
    rubyntlm (0.6.3)
    rubyzip (2.3.2)
    vagrant-aws (0.7.2)
      fog-aws (~> 3.12.0)
      iniparse (~> 1.4, >= 1.4.2)
    vagrant-digitalocean (0.9.5)
      faraday (>= 0.8.6)
      json
      log4r
    vagrant-env (0.0.3)
      dotenv (~> 0.9)
    vagrant-libvirt (0.6.3)
      fog-core (~> 2.1)
      fog-libvirt (>= 0.6.0)
      nokogiri (~> 1.6)
      rexml
    vagrant-reload (0.0.1)
    vagrant-timezone (1.3.0)
    vagrant-vmware-desktop (3.0.1)
    vagrant_cloud (3.0.5)
      excon (~> 0.73)
      log4r (~> 1.1.10)
      rexml (~> 3.2.5)
    wdm (0.1.1)
    winrm (2.3.6)
      builder (>= 2.1.2)
      erubi (~> 1.8)
      gssapi (~> 1.2)
      gyoku (~> 1.0)
      httpclient (~> 2.2, >= 2.2.0.2)
      logging (>= 1.6.1, < 3.0)
      nori (~> 2.0)
      rubyntlm (~> 0.6.0, >= 0.6.3)
    winrm-elevated (1.2.3)
      erubi (~> 1.8)
      winrm (~> 2.0)
      winrm-fs (~> 1.0)
    winrm-fs (1.3.5)
      erubi (~> 1.8)
      logging (>= 1.6.1, < 3.0)
      rubyzip (~> 2.0)
      winrm (~> 2.0)

PLATFORMS
  x86_64-linux

DEPENDENCIES
  rake (~> 13.0)
  rspec (~> 3.10.0)
  vagrant!
  vagrant-aws
  vagrant-digitalocean
  vagrant-env
  vagrant-k3s!
  vagrant-libvirt
  vagrant-reload
  vagrant-timezone
  vagrant-vmware-desktop

BUNDLED WITH
   2.2.27
